GEM
  remote: https://rubygems.org/
  specs:
    httparty (0.11.0)
      multi_json (~> 1.0)
      multi_xml (>= 0.5.2)
    mini_portile (0.5.1)
    multi_json (1.7.9)
    multi_xml (0.5.5)
    nokogiri (1.6.0)
      mini_portile (~> 0.5.0)
    parallel (0.7.1)

PLATFORMS
  ruby

DEPENDENCIES
  httparty
  nokogiri
  parallel
